GIT
  remote: https://github.com/DFE-Digital/dfe-analytics.git
  revision: 6287146b3da5d38e52ee18b0b5c1f1c4e6020f33
  tag: v1.8.0
  specs:
    dfe-analytics (1.8.0)
      google-cloud-bigquery (~> 1.38)
      request_store_rails (~> 2)

GIT
  remote: https://github.com/DFE-Digital/get-into-teaching-api-ruby-client.git
  revision: 5092d22dfad46adb715fed0f3b30c0cd850f3c2e
  specs:
    get_into_teaching_api_client (3.3.0)
      faraday (~> 1.0, >= 1.0.1)
    get_into_teaching_api_client_faraday (3.3.0)
      activesupport
      faraday
      faraday-encoding
      faraday-http-cache
      faraday_middleware
      faraday_middleware-circuit_breaker
      get_into_teaching_api_client

GIT
  remote: https://github.com/DFE-Digital/get-into-teaching-wizard.git
  revision: 590da16f18d63d4008b60f640aa81676b3db57dc
  specs:
    git_wizard (2.1.0)
      activemodel (>= 6.0.3.4)
      activesupport (>= 6.0.3.4)

GIT
  remote: https://github.com/bfoz/geometry.git
  revision: 3054ccba59f184c172be52a6f0b7cf4a33f617a5
  ref: 3054ccb
  specs:
    geometry (6.5)

GIT
  remote: https://github.com/mitsuru/validates_timeliness.git
  revision: f28a62589cc069d1d1f5dfd99e1749edca04cd68
  branch: rails7
  specs:
    validates_timeliness (6.0.0.beta2)
      activemodel (>= 6.0.0, < 7.1)
      timeliness (>= 0.3.10, < 1)

GIT
  remote: https://github.com/otherguy/rspec-sonarqube-formatter.git
  revision: 13fe436921e1442a09c23d9e46055773d1511638
  ref: 13fe436
  specs:
    rspec-sonarqube-formatter (1.0.0.pre.local)
      htmlentities (~> 4.3.3)
      rspec (~> 3.0)

GIT
  remote: https://github.com/pkorenev/rack-page_caching.git
  revision: 9ca404f7f7e4773030e75799da7ab02e27cbe9a3
  ref: 9ca404f
  specs:
    rack-page_caching (0.0.3)
      rack

GIT
  remote: https://github.com/waiting-for-dev/front_matter_parser.git
  revision: 01187017cb5b20ff1cf92809969ecd385d613aaa
  specs:
    front_matter_parser (1.0.1)

GEM
  remote: https://rubygems.org/
  specs:
    actioncable (7.0.2.3)
      actionpack (= 7.0.2.3)
      activesupport (= 7.0.2.3)
      nio4r (~> 2.0)
      websocket-driver (>= 0.6.1)
    actionmailbox (7.0.2.3)
      actionpack (= 7.0.2.3)
      activejob (= 7.0.2.3)
      activerecord (= 7.0.2.3)
      activestorage (= 7.0.2.3)
      activesupport (= 7.0.2.3)
      mail (>= 2.7.1)
      net-imap
      net-pop
      net-smtp
    actionmailer (7.0.2.3)
      actionpack (= 7.0.2.3)
      actionview (= 7.0.2.3)
      activejob (= 7.0.2.3)
      activesupport (= 7.0.2.3)
      mail (~> 2.5, >= 2.5.4)
      net-imap
      net-pop
      net-smtp
      rails-dom-testing (~> 2.0)
    actionpack (7.0.2.3)
      actionview (= 7.0.2.3)
      activesupport (= 7.0.2.3)
      rack (~> 2.0, >= 2.2.0)
      rack-test (>= 0.6.3)
      rails-dom-testing (~> 2.0)
      rails-html-sanitizer (~> 1.0, >= 1.2.0)
    actionpack-cloudfront (1.2.0)
      actionpack (>= 4.2)
      railties (>= 4.2)
    actiontext (7.0.2.3)
      actionpack (= 7.0.2.3)
      activerecord (= 7.0.2.3)
      activestorage (= 7.0.2.3)
      activesupport (= 7.0.2.3)
      globalid (>= 0.6.0)
      nokogiri (>= 1.8.5)
    actionview (7.0.2.3)
      activesupport (= 7.0.2.3)
      builder (~> 3.1)
      erubi (~> 1.4)
      rails-dom-testing (~> 2.0)
      rails-html-sanitizer (~> 1.1, >= 1.2.0)
    activejob (7.0.2.3)
      activesupport (= 7.0.2.3)
      globalid (>= 0.3.6)
    activemodel (7.0.2.3)
      activesupport (= 7.0.2.3)
    activerecord (7.0.2.3)
      activemodel (= 7.0.2.3)
      activesupport (= 7.0.2.3)
    activestorage (7.0.2.3)
      actionpack (= 7.0.2.3)
      activejob (= 7.0.2.3)
      activerecord (= 7.0.2.3)
      activesupport (= 7.0.2.3)
      marcel (~> 1.0)
      mini_mime (>= 1.1.0)
    activesupport (7.0.2.3)
      concurrent-ruby (~> 1.0, >= 1.0.2)
      i18n (>= 1.6, < 2)
      minitest (>= 5.1)
      tzinfo (~> 2.0)
    addressable (2.8.4)
      public_suffix (>= 2.0.2, < 6.0)
    amazing_print (1.5.0)
    ast (2.4.2)
    better_html (2.0.2)
      actionview (>= 6.0)
      activesupport (>= 6.0)
      ast (~> 2.0)
      erubi (~> 1.4)
      parser (>= 2.4)
      smart_properties
    bindex (0.8.1)
    bootsnap (1.16.0)
      msgpack (~> 1.2)
    brakeman (6.0.1)
    builder (3.2.4)
    byebug (11.1.3)
    canonical-rails (0.2.14)
      rails (>= 4.1, <= 7.1)
    capybara (3.39.2)
      addressable
      matrix
      mini_mime (>= 0.1.3)
      nokogiri (~> 1.8)
      rack (>= 1.6.0)
      rack-test (>= 0.6.3)
      regexp_parser (>= 1.5, < 3.0)
      xpath (~> 3.2)
    chef-utils (18.0.169)
      concurrent-ruby
    childprocess (3.0.0)
    coderay (1.1.3)
    concurrent-ruby (1.2.2)
    crack (0.4.5)
      rexml
    crass (1.0.6)
    declarative (0.0.20)
    delegate (0.3.1)
    diff-lcs (1.5.0)
    docile (1.4.0)
    dotenv (2.8.1)
    dotenv-rails (2.8.1)
      dotenv (= 2.8.1)
      railties (>= 3.2)
    erb_lint (0.3.1)
      activesupport
      better_html (>= 2.0.1)
      parser (>= 2.7.1.4)
      rainbow
      rubocop
      smart_properties
    erubi (1.12.0)
    factory_bot (6.2.0)
      activesupport (>= 5.0.0)
    factory_bot_rails (6.2.0)
      factory_bot (~> 6.2.0)
      railties (>= 5.0.0)
    faraday (1.10.3)
      faraday-em_http (~> 1.0)
      faraday-em_synchrony (~> 1.0)
      faraday-excon (~> 1.1)
      faraday-httpclient (~> 1.0)
      faraday-multipart (~> 1.0)
      faraday-net_http (~> 1.0)
      faraday-net_http_persistent (~> 1.0)
      faraday-patron (~> 1.0)
      faraday-rack (~> 1.0)
      faraday-retry (~> 1.0)
      ruby2_keywords (>= 0.0.4)
    faraday-em_http (1.0.0)
    faraday-em_synchrony (1.0.0)
    faraday-encoding (0.0.5)
      faraday
    faraday-excon (1.1.0)
    faraday-http-cache (2.5.0)
      faraday (>= 0.8)
    faraday-httpclient (1.0.1)
    faraday-multipart (1.0.4)
      multipart-post (~> 2)
    faraday-net_http (1.0.1)
    faraday-net_http_persistent (1.2.0)
    faraday-patron (1.0.0)
    faraday-rack (1.0.0)
    faraday-retry (1.0.3)
    faraday_middleware (1.2.0)
      faraday (~> 1.0)
    faraday_middleware-circuit_breaker (0.5.0)
      faraday (>= 0.9, < 2.0)
      stoplight (>= 2.1, < 4.0)
    fastimage (2.2.6)
    ffi (1.15.5)
    foreman (0.87.2)
    gems (1.2.0)
    globalid (1.1.0)
      activesupport (>= 5.0)
    google-api-client (0.53.0)
      google-apis-core (~> 0.1)
      google-apis-generator (~> 0.1)
    google-apis-bigquery_v2 (0.33.0)
      google-apis-core (>= 0.4, < 2.a)
    google-apis-core (0.4.0)
      addressable (~> 2.5, >= 2.5.1)
      googleauth (>= 0.16.2, < 2.a)
      httpclient (>= 2.8.1, < 3.a)
      mini_mime (~> 1.0)
      representable (~> 3.0)
      retriable (>= 2.0, < 4.a)
      rexml
      webrick
    google-apis-discovery_v1 (0.6.0)
      google-apis-core (>= 0.4, < 2.a)
    google-apis-generator (0.4.1)
      activesupport (>= 5.0)
      gems (~> 1.2)
      google-apis-core (>= 0.4, < 2.a)
      google-apis-discovery_v1 (~> 0.5)
      thor (>= 0.20, < 2.a)
    google-cloud-bigquery (1.42.0)
      concurrent-ruby (~> 1.0)
      google-apis-bigquery_v2 (~> 0.1)
      google-cloud-core (~> 1.6)
      googleauth (>= 0.16.2, < 2.a)
      mini_mime (~> 1.0)
    google-cloud-core (1.6.0)
      google-cloud-env (~> 1.0)
      google-cloud-errors (~> 1.0)
    google-cloud-env (1.6.0)
      faraday (>= 0.17.3, < 3.0)
    google-cloud-errors (1.3.1)
    googleauth (0.16.2)
      faraday (>= 0.17.3, < 2.0)
      jwt (>= 1.4, < 3.0)
      memoist (~> 0.16)
      multi_json (~> 1.11)
      os (>= 0.9, < 2.0)
      signet (~> 0.14)
    govuk_design_system_formbuilder (4.0.0)
      actionview (>= 6.1)
      activemodel (>= 6.1)
      activesupport (>= 6.1)
      html-attributes-utils (~> 1)
    hashdiff (1.0.1)
    hashids (1.0.6)
    html-attributes-utils (1.0.0)
      activesupport (>= 6.1.4.4)
    htmlentities (4.3.4)
    httpclient (2.8.3)
    i18n (1.14.1)
      concurrent-ruby (~> 1.0)
    invisible_captcha (2.1.0)
      rails (>= 5.2)
    iso_country_codes (0.7.8)
    jwt (2.2.3)
    kaminari (1.2.2)
      activesupport (>= 4.1.0)
      kaminari-actionview (= 1.2.2)
      kaminari-activerecord (= 1.2.2)
      kaminari-core (= 1.2.2)
    kaminari-actionview (1.2.2)
      actionview
      kaminari-core (= 1.2.2)
    kaminari-activerecord (1.2.2)
      activerecord
      kaminari-core (= 1.2.2)
    kaminari-core (1.2.2)
    knapsack (4.0.0)
      rake
    kramdown (2.4.0)
      rexml
    kramdown-parser-gfm (1.1.0)
      kramdown (~> 2.0)
    listen (3.7.1)
      rb-fsevent (~> 0.10, >= 0.10.3)
      rb-inotify (~> 0.9, >= 0.9.10)
    loaf (0.10.0)
      railties (>= 3.2)
    logger (1.5.3)
    loofah (2.21.3)
      crass (~> 1.0.2)
      nokogiri (>= 1.12.0)
    mail (2.7.1)
      mini_mime (>= 0.1.1)
    marcel (1.0.2)
    matrix (0.4.2)
    mdl (0.12.0)
      kramdown (~> 2.3)
      kramdown-parser-gfm (~> 1.1)
      mixlib-cli (~> 2.1, >= 2.1.1)
      mixlib-config (>= 2.2.1, < 4)
      mixlib-shellout
    memoist (0.16.2)
    method_source (1.0.0)
    mini_mime (1.1.2)
    mini_portile2 (2.8.4)
    minitest (5.20.0)
    mixlib-cli (2.1.8)
    mixlib-config (3.0.27)
      tomlrb
    mixlib-shellout (3.2.7)
      chef-utils
    msgpack (1.7.1)
    multi_json (1.15.0)
    multipart-post (2.3.0)
    net-imap (0.3.1)
      net-protocol
    net-pop (0.1.2)
      net-protocol
    net-protocol (0.1.3)
      timeout
    net-smtp (0.3.3)
      net-protocol
    nio4r (2.7.0)
    nokogiri (1.14.3)
      mini_portile2 (~> 2.8.0)
      racc (~> 1.4)
    nokogiri (1.14.3-x86_64-linux)
      racc (~> 1.4)
    observer (0.1.1)
    os (1.1.1)
    parallel (1.22.1)
    parser (3.2.2.3)
      ast (~> 2.4.1)
      racc
    pg (1.5.4)
    prometheus-client (4.2.2)
    pry (0.14.2)
      coderay (~> 1.1)
      method_source (~> 1.0)
    pry-byebug (3.10.1)
      byebug (~> 11.0)
      pry (>= 0.13, < 0.15)
    pry-rails (0.3.9)
      pry (>= 0.10.4)
    public_suffix (5.0.3)
    puma (6.4.0)
      nio4r (~> 2.0)
    racc (1.7.1)
    rack (2.2.8)
    rack-attack (6.7.0)
      rack (>= 1.0, < 4)
    rack-cors (2.0.1)
      rack (>= 2.0.0)
    rack-host-redirect (1.3.0)
      rack
    rack-proxy (0.7.6)
      rack
    rack-test (2.1.0)
      rack (>= 1.3)
    rails (7.0.2.3)
      actioncable (= 7.0.2.3)
      actionmailbox (= 7.0.2.3)
      actionmailer (= 7.0.2.3)
      actionpack (= 7.0.2.3)
      actiontext (= 7.0.2.3)
      actionview (= 7.0.2.3)
      activejob (= 7.0.2.3)
      activemodel (= 7.0.2.3)
      activerecord (= 7.0.2.3)
      activestorage (= 7.0.2.3)
      activesupport (= 7.0.2.3)
      bundler (>= 1.15.0)
      railties (= 7.0.2.3)
    rails-dom-testing (2.2.0)
      activesupport (>= 5.0.0)
      minitest
      nokogiri (>= 1.6)
    rails-html-sanitizer (1.6.0)
      loofah (~> 2.21)
      nokogiri (~> 1.14)
    rails_semantic_logger (4.12.0)
      rack
      railties (>= 5.1)
      semantic_logger (~> 4.13)
    railties (7.0.2.3)
      actionpack (= 7.0.2.3)
      activesupport (= 7.0.2.3)
      method_source
      rake (>= 12.2)
      thor (~> 1.0)
      zeitwerk (~> 2.5)
    rainbow (3.1.1)
    rake (13.0.6)
    rb-fsevent (0.11.2)
    rb-inotify (0.10.1)
      ffi (~> 1.0)
    redis (4.8.1)
    redis-session-store (0.11.5)
      actionpack (>= 6, < 8)
      redis (>= 3, < 6)
    redlock (1.3.2)
      redis (>= 3.0.0, < 6.0)
    regexp_parser (2.7.0)
    representable (3.1.1)
      declarative (< 0.1.0)
      trailblazer-option (>= 0.1.1, < 0.2.0)
      uber (< 0.2.0)
    request_store_rails (2.0.0)
      concurrent-ruby (~> 1.0)
    retriable (3.1.2)
    rexml (3.2.6)
    rinku (2.0.6)
    rspec (3.12.0)
      rspec-core (~> 3.12.0)
      rspec-expectations (~> 3.12.0)
      rspec-mocks (~> 3.12.0)
    rspec-core (3.12.0)
      rspec-support (~> 3.12.0)
    rspec-expectations (3.12.0)
      diff-lcs (>= 1.2.0, < 2.0)
      rspec-support (~> 3.12.0)
    rspec-mocks (3.12.0)
      diff-lcs (>= 1.2.0, < 2.0)
      rspec-support (~> 3.12.0)
    rspec-rails (6.0.3)
      actionpack (>= 6.1)
      activesupport (>= 6.1)
      railties (>= 6.1)
      rspec-core (~> 3.12)
      rspec-expectations (~> 3.12)
      rspec-mocks (~> 3.12)
      rspec-support (~> 3.12)
    rspec-retry (0.6.2)
      rspec-core (> 3.3)
    rspec-support (3.12.0)
    rubocop (1.25.0)
      parallel (~> 1.10)
      parser (>= 3.1.0.0)
      rainbow (>= 2.2.2, < 4.0)
      regexp_parser (>= 1.8, < 3.0)
      rexml
      rubocop-ast (>= 1.15.1, < 2.0)
      ruby-progressbar (~> 1.7)
      unicode-display_width (>= 1.4.0, < 3.0)
    rubocop-ast (1.15.1)
      parser (>= 3.0.1.1)
    rubocop-govuk (4.3.0)
      rubocop (= 1.25.0)
      rubocop-ast (= 1.15.1)
      rubocop-rails (= 2.13.2)
      rubocop-rake (= 0.6.0)
      rubocop-rspec (= 2.7.0)
    rubocop-rails (2.13.2)
      activesupport (>= 4.2.0)
      rack (>= 1.1)
      rubocop (>= 1.7.0, < 2.0)
    rubocop-rake (0.6.0)
      rubocop (~> 1.0)
    rubocop-rspec (2.7.0)
      rubocop (~> 1.19)
    ruby-progressbar (1.11.0)
    ruby2_keywords (0.0.5)
    rubyzip (2.3.2)
    secure_headers (6.5.0)
    selenium-webdriver (3.142.7)
      childprocess (>= 0.5, < 4.0)
      rubyzip (>= 1.2.2)
    semantic_logger (4.14.0)
      concurrent-ruby (~> 1.0)
    semantic_range (3.0.0)
    sentry-rails (5.10.0)
      railties (>= 5.0)
      sentry-ruby (~> 5.10.0)
    sentry-ruby (5.10.0)
      concurrent-ruby (~> 1.0, >= 1.0.2)
    shakapacker (6.6.0)
      activesupport (>= 5.2)
      rack-proxy (>= 0.6.1)
      railties (>= 5.2)
      semantic_range (>= 2.3.0)
    shoulda-matchers (5.3.0)
      activesupport (>= 5.2.0)
    signet (0.15.0)
      addressable (~> 2.3)
      faraday (>= 0.17.3, < 2.0)
      jwt (>= 1.5, < 3.0)
      multi_json (~> 1.10)
    simplecov (0.21.2)
      docile (~> 1.1)
      simplecov-html (~> 0.11)
      simplecov_json_formatter (~> 0.1)
    simplecov-html (0.12.3)
    simplecov_json_formatter (0.1.3)
    skylight (5.3.4)
      activesupport (>= 5.2.0)
    smart_properties (1.17.0)
    spring (4.1.0)
    spring-watcher-listen (2.1.0)
      listen (>= 2.7, < 4.0)
      spring (>= 4)
    stoplight (3.0.2)
      redlock (~> 1.0)
    text (1.3.1)
    thor (1.2.2)
    timeliness (0.4.5)
    timeout (0.3.0)
    tomlrb (2.0.3)
    trailblazer-option (0.1.1)
    tzinfo (2.0.6)
      concurrent-ruby (~> 1.0)
    uber (0.1.0)
    unicode-display_width (2.3.0)
    vcr (6.2.0)
    victor (0.3.4)
    view_component (2.78.0)
      activesupport (>= 5.0.0, < 8.0)
      concurrent-ruby (~> 1.0)
      method_source (~> 1.0)
    web-console (4.2.1)
      actionview (>= 6.0.0)
      activemodel (>= 6.0.0)
      bindex (>= 0.4.0)
      railties (>= 6.0.0)
    webmock (3.19.1)
      addressable (>= 2.8.0)
      crack (>= 0.3.2)
      hashdiff (>= 0.4.0, < 2.0.0)
    webrick (1.7.0)
    websocket-driver (0.7.5)
      websocket-extensions (>= 0.1.0)
    websocket-extensions (0.1.5)
    xpath (3.2.0)
      nokogiri (~> 1.8)
    zeitwerk (2.6.12)

PLATFORMS
  ruby
  x86_64-linux

DEPENDENCIES
  actionpack-cloudfront (>= 1.2.0)
  addressable (~> 2.8.4)
  amazing_print
  better_html (>= 1.0.16)
  bootsnap (>= 1.16.0)
  brakeman (~> 6.0.1)
  byebug
  canonical-rails (>= 0.2.14)
  capybara (~> 3.39.1)
  delegate (>= 0.2.0)
  dfe-analytics!
  dotenv-rails (>= 2.7.6)
  erb_lint (>= 0.1.1)
  factory_bot_rails (>= 6.2.0)
  faraday (~> 1.10.0)
  faraday-encoding
  faraday-http-cache
  faraday_middleware
  fastimage
  foreman
  front_matter_parser!
  geometry!
  get_into_teaching_api_client_faraday (>= 3.1.3)!
  git_wizard!
  google-api-client (>= 0.53.0)
  govuk_design_system_formbuilder (>= 2.8.0)
  hashids
  invisible_captcha
  iso_country_codes
  kaminari (~> 1.2, >= 1.2.2)
  knapsack
  kramdown (>= 2.4.0)
  listen (~> 3.7.1)
  loaf (>= 0.10.0)
  logger (>= 1.5.1)
  matrix (>= 0.4.2)
  mdl
  net-imap
  net-pop
  net-smtp (>= 0.3.3)
  nokogiri (>= 1.14.3)
  observer (>= 0.1.0)
  pg
  prometheus-client
  pry-byebug
  pry-rails
  puma (~> 6.4)
  rack-attack
  rack-cors
  rack-host-redirect
  rack-page_caching!
  rails (~> 7.0.2.3)
  rails_semantic_logger (>= 4.12.0)
  redis
  redis-session-store (>= 0.11.4)
  rexml (>= 3.2.5)
  rinku
  rspec-rails (~> 6.0.3)
  rspec-retry
  rspec-sonarqube-formatter!
  rubocop-govuk (~> 4.3.0)
  secure_headers
  selenium-webdriver (~> 3.142)
  sentry-rails (>= 5.10.0)
  sentry-ruby (~> 5.10.0)
  shakapacker (= 6.6.0)
  shoulda-matchers
  simplecov
  skylight (~> 5.3.4)
  spring
  spring-watcher-listen (~> 2.1.0)
  text
  tzinfo-data
  validates_timeliness!
  vcr
  victor
  view_component (~> 2.78.0)
  web-console (>= 4.2.0)
  webmock (>= 3.14.0)

RUBY VERSION
   ruby 3.1.4p223

BUNDLED WITH
   2.3.4
